GEM
  remote: https://rubygems.org/
  specs:
    builder (3.2.3)
    feedbag (0.9.8)
      nokogiri (~> 1.0)
      open_uri_redirections (~> 0.2)
    json (2.1.0)
    mini_portile2 (2.3.0)
    nokogiri (1.8.3)
      mini_portile2 (~> 2.3.0)
    open_uri_redirections (0.2.1)

PLATFORMS
  ruby

DEPENDENCIES
  builder
  feedbag
  json
  nokogiri

BUNDLED WITH
   1.15.3
